PATH
  remote: .
  specs:
    pmlatex (1.2.2)
      medusa_rest_client (~> 0.2.0)
      optimist

GEM
  remote: https://rubygems.org/
  remote: http://dream.misasa.okayama-u.ac.jp/rubygems/
  specs:
    activemodel (6.0.3.4)
      activesupport (= 6.0.3.4)
    activemodel-serializers-xml (1.0.2)
      activemodel (> 5.x)
      activesupport (> 5.x)
      builder (~> 3.1)
    activeresource (5.1.1)
      activemodel (>= 5.0, < 7)
      activemodel-serializers-xml (~> 1.0)
      activesupport (>= 5.0, < 7)
    activesupport (6.0.3.4)
      concurrent-ruby (~> 1.0, >= 1.0.2)
      i18n (>= 0.7, < 2)
      minitest (~> 5.1)
      tzinfo (~> 1.1)
      zeitwerk (~> 2.2, >= 2.2.2)
    builder (3.2.4)
    coderay (1.1.3)
    concurrent-ruby (1.1.7)
    diff-lcs (1.4.4)
    gli (2.19.2)
    i18n (1.8.5)
      concurrent-ruby (~> 1.0)
    medusa_rest_client (0.2.0)
      activeresource (~> 5.1)
      gli (~> 2.12)
      pry (~> 0.9)
      rails-observers
    method_source (1.0.0)
    minitest (5.14.2)
    optimist (3.0.1)
    pry (0.13.1)
      coderay (~> 1.1)
      method_source (~> 1.0)
    rails-observers (0.1.5)
      activemodel (>= 4.0)
    rake (13.0.1)
    rspec (3.10.0)
      rspec-core (~> 3.10.0)
      rspec-expectations (~> 3.10.0)
      rspec-mocks (~> 3.10.0)
    rspec-core (3.10.0)
      rspec-support (~> 3.10.0)
    rspec-expectations (3.10.0)
      diff-lcs (>= 1.2.0, < 2.0)
      rspec-support (~> 3.10.0)
    rspec-mocks (3.10.0)
      diff-lcs (>= 1.2.0, < 2.0)
      rspec-support (~> 3.10.0)
    rspec-support (3.10.0)
    thread_safe (0.3.6)
    tzinfo (1.2.8)
      thread_safe (~> 0.1)
    zeitwerk (2.4.2)

PLATFORMS
  ruby

DEPENDENCIES
  bundler
  pmlatex!
  rake
  rspec (~> 3.1)

BUNDLED WITH
   2.1.4
